GEM
  remote: https://rubygems.org/
  specs:
    concurrent-ruby (1.0.1)
    connection_pool (2.2.0)
    multi_json (1.11.2)
    redis (3.2.2)
    redis-namespace (1.5.2)
      redis (~> 3.0, >= 3.0.4)
    rufus-scheduler (3.1.10)
    sidekiq (4.1.0)
      concurrent-ruby (~> 1.0)
      connection_pool (~> 2.2, >= 2.2.0)
      redis (~> 3.2, >= 3.2.1)
    sidekiq-scheduler (2.0.4)
      multi_json (~> 1)
      redis (~> 3)
      rufus-scheduler (~> 3.1.8)
      sidekiq (>= 3)
      tilt (~> 2.0)
    tilt (2.0.2)

PLATFORMS
  ruby

DEPENDENCIES
  redis
  redis-namespace
  sidekiq
  sidekiq-scheduler (~> 2.0)

BUNDLED WITH
   1.11.2
